GEM
  remote: http://rubygems.org/
  specs:
    actionmailer (2.3.11)
      actionpack (= 2.3.11)
    actionpack (2.3.11)
      activesupport (= 2.3.11)
      rack (~> 1.1.0)
    activerecord (2.3.11)
      activesupport (= 2.3.11)
    activeresource (2.3.11)
      activesupport (= 2.3.11)
    activesupport (2.3.11)
    aws-s3 (0.6.2)
      builder
      mime-types
      xml-simple
    builder (3.2.2)
    capistrano (2.5.9)
      highline
      net-scp (>= 1.0.0)
      net-sftp (>= 2.0.0)
      net-ssh (>= 2.0.14)
      net-ssh-gateway (>= 1.0.0)
    capistrano_rsync_with_remote_cache (2.4.0)
      capistrano (>= 2.1.0)
    celluloid (0.13.0)
      timers (>= 1.0.0)
    connection_pool (1.0.0)
    directory_watcher (1.4.1)
    erubis (2.7.0)
    exception_notification (2.3.3.0)
    execjs (2.0.2)
    haml (3.1.4)
    highline (1.5.2)
    hike (1.2.3)
    json (1.8.1)
    kgio (2.8.0)
    libv8 (3.16.14.3)
    libxml-ruby (2.6.0)
    mime-types (1.23)
    mocha (0.9.8)
      rake
    multi_json (1.7.2)
    net-scp (1.1.1)
      net-ssh (>= 2.6.5)
    net-sftp (2.1.2)
      net-ssh (>= 2.6.5)
    net-ssh (2.6.7)
    net-ssh-gateway (1.2.0)
      net-ssh (>= 2.6.5)
    open4 (0.9.3)
    pg (0.14.1)
    rack (1.1.6)
    rails (2.3.11)
      actionmailer (= 2.3.11)
      actionpack (= 2.3.11)
      activerecord (= 2.3.11)
      activeresource (= 2.3.11)
      activesupport (= 2.3.11)
      rake (>= 0.8.3)
    raindrops (0.10.0)
    rake (10.0.3)
    redis (3.0.4)
    redis-namespace (1.2.1)
      redis (~> 3.0.0)
    ref (1.0.5)
    s3-static-site (0.1.0)
      aws-s3
      capistrano
      haml
    sass (3.2.12)
    sidekiq (2.11.1)
      celluloid (~> 0.13.0)
      connection_pool (~> 1.0)
      multi_json (~> 1)
      redis (~> 3)
      redis-namespace
    slop (3.3.2)
    sprockets (2.10.0)
      hike (~> 1.2)
      multi_json (~> 1.0)
      rack (~> 1.0)
      tilt (~> 1.1, != 1.3.0)
    stasis (0.2.0)
      directory_watcher (= 1.4.1)
      slop (= 3.3.2)
      tilt (= 1.3.3)
    syntax (1.0.0)
    therubyracer (0.12.0)
      libv8 (~> 3.16.14.0)
      ref
    tilt (1.3.3)
    timers (1.1.0)
    uglifier (2.3.1)
      execjs (>= 0.3.0)
      json (>= 1.8.0)
    unicorn (4.6.2)
      kgio (~> 2.6)
      rack
      raindrops (~> 0.7)
    xml-simple (1.1.1)

PLATFORMS
  ruby

DEPENDENCIES
  aws-s3 (= 0.6.2)
  bundler
  capistrano (= 2.5.9)
  capistrano_rsync_with_remote_cache (= 2.4.0)
  erubis
  exception_notification (= 2.3.3.0)
  haml (= 3.1.4)
  libxml-ruby
  mocha (= 0.9.8)
  open4 (= 0.9.3)
  pg
  rails (= 2.3.11)
  rake
  s3-static-site (= 0.1.0)
  sass
  sidekiq
  sprockets
  stasis (~> 0.2.0)
  syntax (= 1.0.0)
  therubyracer
  uglifier
  unicorn
  xml-simple (= 1.1.1)
